PATH
  remote: .
  specs:
    cucumber-sammies (0.1.2)

GEM
  remote: https://rubygems.org/
  specs:
    rake (13.0.1)

PLATFORMS
  ruby

DEPENDENCIES
  bundler (~> 1.17.2)
  cucumber-sammies!
  rake (~> 13.0.1)

BUNDLED WITH
   1.17.2
