PATH
  remote: .
  specs:
    cucumber-sammies (0.1.2)

GEM
  remote: https://rubygems.org/
  specs:
    rake (12.3.2)

PLATFORMS
  ruby

DEPENDENCIES
  bundler (~> 1.17.2)
  cucumber-sammies!
  rake (~> 12.3.2)

BUNDLED WITH
   1.17.2
