PATH
  remote: .
  specs:
    cucumber-sammies (0.2.0)

GEM
  remote: https://rubygems.org/
  specs:
    rake (13.0.1)

PLATFORMS
  ruby

DEPENDENCIES
  bundler (~> 2.1)
  cucumber-sammies!
  rake (~> 13.0.1)

BUNDLED WITH
   2.1.4
